PATH
  remote: .
  specs:
    fbdev (0.0.1)
      thor (= 0.14.3)

GEM
  remote: http://rubygems.org/
  specs:
    thor (0.14.3)

PLATFORMS
  ruby

DEPENDENCIES
  fbdev!
  thor (= 0.14.3)
