PATH
  remote: .
  specs:
    fbapp (0.0.1)
      mechanize (= 1.0.0)
      thor (= 0.14.3)

GEM
  remote: http://rubygems.org/
  specs:
    mechanize (1.0.0)
      nokogiri (>= 1.2.1)
    nokogiri (1.4.3.1)
    thor (0.14.3)

PLATFORMS
  java
  ruby

DEPENDENCIES
  fbapp!
  mechanize (= 1.0.0)
  thor (= 0.14.3)
