PATH
  remote: .
  specs:
    fbdev (0.0.1)
      mechanize
      thor (= 0.14.3)

GEM
  remote: http://rubygems.org/
  specs:
    mechanize (1.0.0)
      nokogiri (>= 1.2.1)
    nokogiri (1.4.3.1)
    thor (0.14.3)

PLATFORMS
  java
  ruby

DEPENDENCIES
  fbdev!
  mechanize
  thor (= 0.14.3)
